GEM
  remote: https://rubygems.org/
  specs:
    sass (3.4.22)

PLATFORMS
  ruby

DEPENDENCIES
  sass (~> 3.4.0)

BUNDLED WITH
   1.11.2
